GIT
  remote: https://github.com/twalpole/apparition.git
  revision: ca86be4d54af835d531dbcd2b86e7b2c77f85f34
  specs:
    apparition (0.6.0)
      capybara (~> 3.13, < 4)
      websocket-driver (>= 0.6.5)

PATH
  remote: .
  specs:
    simplecov (0.22.0)
      docile (~> 1.1)
      simplecov-html (~> 0.11)
      simplecov_json_formatter (~> 0.1)

GEM
  remote: https://rubygems.org/
  specs:
    activesupport (6.1.7.7)
      concurrent-ruby (~> 1.0, >= 1.0.2)
      i18n (>= 1.6, < 2)
      minitest (>= 5.1)
      tzinfo (~> 2.0)
      zeitwerk (~> 2.3)
    addressable (2.8.6)
      public_suffix (>= 2.0.2, < 6.0)
    aruba (2.2.0)
      bundler (>= 1.17, < 3.0)
      contracts (>= 0.16.0, < 0.18.0)
      cucumber (>= 8.0, < 10.0)
      rspec-expectations (~> 3.4)
      thor (~> 1.0)
    ast (2.4.2)
    benchmark-ips (2.13.0)
    bigdecimal (3.1.7)
    bigdecimal (3.1.7-java)
    builder (3.2.4)
    capybara (3.40.0)
      addressable
      matrix
      mini_mime (>= 0.1.3)
      nokogiri (~> 1.11)
      rack (>= 1.6.0)
      rack-test (>= 0.6.3)
      regexp_parser (>= 1.5, < 3.0)
      xpath (~> 3.2)
    coderay (1.1.3)
    concurrent-ruby (1.3.3)
    contracts (0.17)
    cucumber (9.2.0)
      builder (~> 3.2)
      cucumber-ci-environment (> 9, < 11)
      cucumber-core (> 13, < 14)
      cucumber-cucumber-expressions (~> 17.0)
      cucumber-gherkin (> 24, < 28)
      cucumber-html-formatter (> 20.3, < 22)
      cucumber-messages (> 19, < 25)
      diff-lcs (~> 1.5)
      mini_mime (~> 1.1)
      multi_test (~> 1.1)
      sys-uname (~> 1.2)
    cucumber-ci-environment (10.0.1)
    cucumber-core (13.0.2)
      cucumber-gherkin (>= 27, < 28)
      cucumber-messages (>= 20, < 23)
      cucumber-tag-expressions (> 5, < 7)
    cucumber-cucumber-expressions (17.1.0)
      bigdecimal
    cucumber-gherkin (27.0.0)
      cucumber-messages (>= 19.1.4, < 23)
    cucumber-html-formatter (21.3.1)
      cucumber-messages (> 19, < 25)
    cucumber-messages (22.0.0)
    cucumber-tag-expressions (6.1.0)
    diff-lcs (1.5.1)
    docile (1.4.0)
    ffi (1.16.3)
    ffi (1.16.3-java)
    i18n (1.14.4)
      concurrent-ruby (~> 1.0)
    json (2.7.2)
    json (2.7.2-java)
    language_server-protocol (3.17.0.3)
    matrix (0.4.2)
    method_source (1.0.0)
    mini_mime (1.1.5)
    mini_portile2 (2.8.7)
    minitest (5.24.0)
    multi_test (1.1.0)
    nokogiri (1.16.6)
      mini_portile2 (~> 2.8.2)
      racc (~> 1.4)
    nokogiri (1.16.6-java)
      racc (~> 1.4)
    parallel (1.25.1)
    parser (3.3.3.0)
      ast (~> 2.4.1)
      racc
    power_assert (2.0.3)
    pry (0.14.2)
      coderay (~> 1.1)
      method_source (~> 1.0)
    pry (0.14.2-java)
      coderay (~> 1.1)
      method_source (~> 1.0)
      spoon (~> 0.0)
    public_suffix (5.0.5)
    racc (1.8.0)
    racc (1.8.0-java)
    rack (3.0.10)
    rack-test (2.1.0)
      rack (>= 1.3)
    rackup (2.1.0)
      rack (>= 3)
      webrick (~> 1.8)
    rainbow (3.1.1)
    rake (13.2.1)
    regexp_parser (2.9.2)
    rexml (3.3.0)
      strscan
    rspec (3.13.0)
      rspec-core (~> 3.13.0)
      rspec-expectations (~> 3.13.0)
      rspec-mocks (~> 3.13.0)
    rspec-core (3.13.0)
      rspec-support (~> 3.13.0)
    rspec-expectations (3.13.0)
      diff-lcs (>= 1.2.0, < 2.0)
      rspec-support (~> 3.13.0)
    rspec-mocks (3.13.0)
      diff-lcs (>= 1.2.0, < 2.0)
      rspec-support (~> 3.13.0)
    rspec-support (3.13.1)
    rubocop (1.64.1)
      json (~> 2.3)
      language_server-protocol (>= 3.17.0)
      parallel (~> 1.10)
      parser (>= 3.3.0.2)
      rainbow (>= 2.2.2, < 4.0)
      regexp_parser (>= 1.8, < 3.0)
      rexml (>= 3.2.5, < 4.0)
      rubocop-ast (>= 1.31.1, < 2.0)
      ruby-progressbar (~> 1.7)
      unicode-display_width (>= 2.4.0, < 3.0)
    rubocop-ast (1.31.3)
      parser (>= 3.3.1.0)
    ruby-progressbar (1.13.0)
    simplecov-html (0.12.3)
    simplecov_json_formatter (0.1.4)
    spoon (0.0.6)
      ffi
    strscan (3.1.0)
    strscan (3.1.0-java)
    sys-uname (1.2.3)
      ffi (~> 1.1)
    test-unit (3.6.1)
      power_assert
    thor (1.3.1)
    tzinfo (2.0.6)
      concurrent-ruby (~> 1.0)
    unicode-display_width (2.5.0)
    webrick (1.8.1)
    websocket-driver (0.7.6)
      websocket-extensions (>= 0.1.0)
    websocket-driver (0.7.6-java)
      websocket-extensions (>= 0.1.0)
    websocket-extensions (0.1.5)
    xpath (3.2.0)
      nokogiri (~> 1.8)
    zeitwerk (2.6.13)

PLATFORMS
  java
  ruby
  universal-java-1.8
  universal-java-11

DEPENDENCIES
  activesupport (~> 6.1)
  apparition!
  aruba
  benchmark-ips
  capybara
  cucumber
  matrix
  minitest
  pry
  rackup
  rake
  rspec
  rubocop
  simplecov!
  test-unit
  webrick

BUNDLED WITH
   2.4.20
