PATH
  remote: ../..
  specs:
    simplecov (0.22.0)
      docile (~> 1.1)
      simplecov-html (~> 0.11)

PATH
  remote: base
  specs:
    base (0.0.1)

PATH
  remote: extra
  specs:
    extra (0.0.1)
      base

GEM
  remote: https://rubygems.org/
  specs:
    diff-lcs (1.3)
    docile (1.4.0)
    rspec (3.9.0)
      rspec-core (~> 3.9.0)
      rspec-expectations (~> 3.9.0)
      rspec-mocks (~> 3.9.0)
    rspec-core (3.9.2)
      rspec-support (~> 3.9.3)
    rspec-expectations (3.9.2)
      diff-lcs (>= 1.2.0, < 2.0)
      rspec-support (~> 3.9.0)
    rspec-mocks (3.9.1)
      diff-lcs (>= 1.2.0, < 2.0)
      rspec-support (~> 3.9.0)
    rspec-support (3.9.3)
    simplecov-html (0.12.3)

PLATFORMS
  ruby
  universal-java-1.8

DEPENDENCIES
  base!
  extra!
  rspec
  simplecov!

BUNDLED WITH
   2.3.26
